GEM
  remote: https://rubygems.org/
  specs:
    addressable (2.7.0)
      public_suffix (>= 2.0.2, < 5.0)
    atlassian-stash (0.7.0)
      commander (~> 4.1.2)
      git (>= 1.2.5)
      json (>= 1.7.5)
      launchy (~> 2.4.2)
    commander (4.1.6)
      highline (~> 1.6.11)
    diff-lcs (1.3)
    git (1.6.0)
      rchardet (~> 1.8)
    highline (1.6.21)
    json (2.3.0)
    launchy (2.4.3)
      addressable (~> 2.3)
    public_suffix (4.0.3)
    rchardet (1.8.0)
    rspec (3.9.0)
      rspec-core (~> 3.9.0)
      rspec-expectations (~> 3.9.0)
      rspec-mocks (~> 3.9.0)
    rspec-core (3.9.1)
      rspec-support (~> 3.9.1)
    rspec-expectations (3.9.0)
      diff-lcs (>= 1.2.0, < 2.0)
      rspec-support (~> 3.9.0)
    rspec-mocks (3.9.1)
      diff-lcs (>= 1.2.0, < 2.0)
      rspec-support (~> 3.9.0)
    rspec-support (3.9.2)

PLATFORMS
  ruby

DEPENDENCIES
  atlassian-stash
  git
  rspec

BUNDLED WITH
   2.1.4
